GIT
  remote: git://github.com/AdvancetoGO/Rubocop-Eql.git
  revision: 21706e35eaa333d15dd8f934d2b06c5aebd889e4
  specs:
    rubocop-eql (0.1.0)
      rubocop

GIT
  remote: git://github.com/AdvancetoGO/SCSSLint-Custom.git
  revision: 66230258b44f274c2d1ff7eff212c5a2d4dc6885
  specs:
    scss_lint_custom (0.1.0)
      rubocop
      scss_lint

GEM
  remote: https://rubygems.org/
  specs:
    ast (2.3.0)
    coffee-script (2.4.1)
      coffee-script-source
      execjs
    coffee-script-source (1.10.0)
    coffeelint (1.14.0)
      coffee-script
      execjs
      json
    execjs (2.7.0)
    haml (4.0.7)
      tilt
    haml_lint (0.18.1)
      haml (~> 4.0)
      rake (>= 10, < 12)
      rubocop (>= 0.36.0)
      sysexits (~> 1.1)
    json (2.0.2)
    parser (2.3.1.2)
      ast (~> 2.2)
    powerpack (0.1.1)
    rainbow (2.1.0)
    rake (11.2.2)
    rubocop (0.42.0)
      parser (>= 2.3.1.1, < 3.0)
      powerpack (~> 0.1)
      rainbow (>= 1.99.1, < 3.0)
      ruby-progressbar (~> 1.7)
      unicode-display_width (~> 1.0, >= 1.0.1)
    ruby-progressbar (1.8.1)
    sass (3.4.22)
    scss_lint (0.49.0)
      rake (>= 0.9, < 12)
      sass (~> 3.4.20)
    sysexits (1.2.0)
    tilt (2.0.5)
    unicode-display_width (1.1.0)

PLATFORMS
  ruby

DEPENDENCIES
  coffee-script
  coffeelint
  haml
  haml_lint
  rubocop
  rubocop-eql!
  scss_lint
  scss_lint_custom!

BUNDLED WITH
   1.12.5
